GEM
  remote: https://rubygems.org/
  specs:
    activesupport (7.0.5)
      concurrent-ruby (~> 1.0, >= 1.0.2)
      i18n (>= 1.6, < 2)
      minitest (>= 5.1)
      tzinfo (~> 2.0)
    addressable (2.8.4)
      public_suffix (>= 2.0.2, < 6.0)
    colored2 (3.1.2)
    concurrent-ruby (1.2.2)
    down (5.4.1)
      addressable (~> 2.8)
    excon (0.100.0)
    faraday (2.7.6)
      faraday-net_http (>= 2.0, < 3.1)
      ruby2_keywords (>= 0.0.4)
    faraday-net_http (3.0.2)
    hamster (3.0.0)
      concurrent-ruby (~> 1.0)
    i18n (1.14.1)
      concurrent-ruby (~> 1.0)
    lino (3.1.0)
      hamster (~> 3.0)
      open4 (~> 1.3)
    minitar (0.9)
    minitest (5.18.0)
    octokit (6.1.1)
      faraday (>= 1, < 3)
      sawyer (~> 0.9)
    open4 (1.3.4)
    public_suffix (5.0.1)
    rake (13.0.6)
    rake_circle_ci (0.11.0)
      colored2 (~> 3.1)
      excon (~> 0.72)
      rake_factory (~> 0.23)
      sshkey (~> 2.0)
    rake_dependencies (3.5.0)
      down (~> 5.3)
      hamster (~> 3.0)
      minitar (~> 0.9)
      rake_factory (~> 0.23)
      rubyzip (>= 1.3)
    rake_factory (0.31.0)
      activesupport (>= 4)
      rake (~> 13.0)
    rake_github (0.11.0)
      colored2 (~> 3.1)
      octokit (>= 4.16, < 7.0)
      rake_factory (~> 0.23)
      sshkey (~> 2.0)
    rake_gpg (0.18.0)
      rake_factory (~> 0.23)
      ruby_gpg2 (~> 0.6)
    rake_leiningen (0.36.0)
      rake_dependencies (~> 3.1)
      rake_factory (~> 0.23)
      ruby_leiningen (= 0.25.0)
      semantic (~> 1.6)
    rake_ssh (0.10.0)
      colored2 (~> 3.1)
      rake_factory (~> 0.23)
      sshkey (~> 2.0)
    ruby2_keywords (0.0.5)
    ruby_gpg2 (0.10.0)
      lino (~> 3.0)
    ruby_leiningen (0.25.0)
      activesupport (>= 6.0.2, < 8)
      lino (~> 3.0)
    rubyzip (2.3.2)
    sawyer (0.9.2)
      addressable (>= 2.3.5)
      faraday (>= 0.17.3, < 3)
    semantic (1.6.1)
    sshkey (2.0.0)
    tzinfo (2.0.6)
      concurrent-ruby (~> 1.0)

PLATFORMS
  ruby

DEPENDENCIES
  rake (~> 13.0)
  rake_circle_ci (~> 0.9)
  rake_github (~> 0.5)
  rake_gpg (~> 0.16)
  rake_leiningen (~> 0.20)
  rake_ssh (~> 0.4)

BUNDLED WITH
   2.1.4
